GEM
  remote: https://rubygems.org/
  specs:
    ast (2.3.0)
    httparty (0.14.0)
      multi_xml (>= 0.5.2)
    json (2.0.2)
    multi_xml (0.6.0)
    parser (2.4.0.0)
      ast (~> 2.2)
    powerpack (0.1.1)
    rack (1.6.5)
    rack-protection (1.5.3)
      rack
    rainbow (2.2.1)
    rake (12.0.0)
    rubocop (0.48.1)
      parser (>= 2.3.3.1, < 3.0)
      powerpack (~> 0.1)
      rainbow (>= 1.99.1, < 3.0)
      ruby-progressbar (~> 1.7)
      unicode-display_width (~> 1.0, >= 1.0.1)
    ruby-progressbar (1.8.1)
    sinatra (1.4.7)
      rack (~> 1.5)
      rack-protection (~> 1.4)
      tilt (>= 1.3, < 3)
    tilt (2.0.5)
    unicode-display_width (1.2.0)

PLATFORMS
  ruby

DEPENDENCIES
  httparty
  json
  rake
  rubocop
  sinatra

BUNDLED WITH
   1.13.6
